GEM
  remote: https://rubygems.org/
  specs:
    backports (3.12.0)
    coderay (1.1.2)
    daemons (1.2.6)
    eventmachine (1.2.5)
    foreman (0.84.0)
      thor (~> 0.19.1)
    httparty (0.16.1)
      multi_xml (>= 0.5.2)
    kgio (2.11.2)
    memoist (0.16.0)
    method_source (0.9.0)
    multi_json (1.13.1)
    multi_xml (0.6.0)
    oj (3.5.0)
    pry (0.11.3)
      coderay (~> 1.1.0)
      method_source (~> 0.9.0)
    rack (1.6.9)
    rack-protection (1.5.5)
      rack
    rack-test (1.1.0)
      rack (>= 1.0, < 3)
    raindrops (0.19.0)
    rake (12.3.1)
    sinatra (1.4.8)
      rack (~> 1.5)
      rack-protection (~> 1.4)
      tilt (>= 1.3, < 3)
    sinatra-contrib (1.4.7)
      backports (>= 2.0)
      multi_json
      rack-protection
      rack-test
      sinatra (~> 1.4.0)
      tilt (>= 1.3, < 3)
    sinatra-cross_origin (0.3.2)
    sinatra-session (1.0.0)
      sinatra (>= 1.0)
    slim (3.0.9)
      temple (>= 0.7.6, < 0.9)
      tilt (>= 1.3.3, < 2.1)
    temple (0.8.0)
    thin (1.7.2)
      daemons (~> 1.0, >= 1.0.9)
      eventmachine (~> 1.0, >= 1.0.4)
      rack (>= 1, < 3)
    thor (0.19.4)
    tilt (2.0.8)
    unicorn (5.4.0)
      kgio (~> 2.6)
      raindrops (~> 0.7)

PLATFORMS
  ruby

DEPENDENCIES
  foreman
  httparty
  memoist
  oj
  pry
  rack (~> 1.6.0)
  rack-protection (~> 1.5.5)
  rake
  sinatra (~> 1.4.5)
  sinatra-contrib
  sinatra-cross_origin (~> 0.3.1)
  sinatra-session
  slim
  thin
  unicorn

RUBY VERSION
  ruby 2.6.1p33

BUNDLED WITH
  1.16.1
